GEM
  remote: https://rubygems.org/
  specs:
    diff-lcs (1.2.4)
    posix_mq (2.0.0)
    rspec (2.14.1)
      rspec-core (~> 2.14.0)
      rspec-expectations (~> 2.14.0)
      rspec-mocks (~> 2.14.0)
    rspec-core (2.14.5)
    rspec-expectations (2.14.2)
      diff-lcs (>= 1.1.3, < 2.0)
    rspec-mocks (2.14.3)
    sendfile (1.2.1)
    sleepy_penguin (3.2.0)

PLATFORMS
  ruby

DEPENDENCIES
  posix_mq
  rspec
  sendfile
  sleepy_penguin
