GEM
  remote: https://rubygems.org/
  specs:
    racc (1.4.9)
    rexical (1.0.5)

PLATFORMS
  ruby

DEPENDENCIES
  racc
  rexical
